GEM
  remote: https://rubygems.org/
  specs:
    ast (2.4.0)
    coderay (1.1.2)
    concurrent-ruby (1.1.8)
    deep_merge (1.2.1)
    diff-lcs (1.3)
    facter (2.4.6)
    fast_gettext (1.8.0)
    gettext (3.3.7)
      locale (>= 2.0.5)
      text (>= 1.3.0)
    gettext-setup (0.9)
      fast_gettext (~> 1.1)
      gettext (>= 3.0.2)
    hiera (3.7.0)
    hocon (1.3.1)
    httpclient (2.8.3)
    jaro_winkler (1.5.3)
    json (2.1.0)
    locale (2.1.3)
    metaclass (0.0.4)
    metadata-json-lint (1.2.2)
      json
      semantic_puppet (>= 0.1.2, < 2.0.0)
      spdx-licenses (~> 1.0)
    method_source (0.9.2)
    mocha (1.2.1)
      metaclass (~> 0.0.1)
    multi_json (1.15.0)
    parallel (1.17.0)
    parser (2.6.3.0)
      ast (~> 2.4.0)
    pry (0.12.2)
      coderay (~> 1.1.0)
      method_source (~> 0.9.0)
    puppet (6.13.0)
      concurrent-ruby (~> 1.0)
      deep_merge (~> 1.0)
      facter (> 2.0.1, < 5)
      fast_gettext (~> 1.1)
      hiera (>= 3.2.1, < 4)
      httpclient (~> 2.8)
      locale (~> 2.1)
      multi_json (~> 1.10)
      puppet-resource_api (~> 1.5)
      semantic_puppet (~> 1.0)
    puppet-lint (2.2.1)
    puppet-resource_api (1.8.13)
      hocon (>= 1.0)
    puppet-strings (2.3.0)
      rgen
      yard (~> 0.9.5)
    puppet-syntax (2.4.0)
      rake
    puppetlabs_spec_helper (2.1.5)
      mocha (~> 1.0)
      puppet-lint (~> 2.0)
      puppet-syntax (~> 2.0)
      rspec-puppet (~> 2.0)
    rainbow (3.0.0)
    rake (12.0.0)
    rgen (0.8.2)
    rspec (3.6.0)
      rspec-core (~> 3.6.0)
      rspec-expectations (~> 3.6.0)
      rspec-mocks (~> 3.6.0)
    rspec-core (3.6.0)
      rspec-support (~> 3.6.0)
    rspec-expectations (3.6.0)
      diff-lcs (>= 1.2.0, < 2.0)
      rspec-support (~> 3.6.0)
    rspec-mocks (3.6.0)
      diff-lcs (>= 1.2.0, < 2.0)
      rspec-support (~> 3.6.0)
    rspec-puppet (2.5.0)
      rspec
    rspec-support (3.6.0)
    rubocop (0.74.0)
      jaro_winkler (~> 1.5.1)
      parallel (~> 1.10)
      parser (>= 2.6)
      rainbow (>= 2.2.2, < 4.0)
      ruby-progressbar (~> 1.7)
      unicode-display_width (>= 1.4.0, < 1.7)
    ruby-progressbar (1.10.1)
    semantic_puppet (1.0.0)
      gettext-setup (>= 0.3)
    spdx-licenses (1.1.0)
    text (1.3.1)
    unicode-display_width (1.6.0)
    yard (0.9.20)

PLATFORMS
  ruby

DEPENDENCIES
  facter (>= 1.7.0)
  metadata-json-lint
  pry
  puppet (>= 3.3)
  puppet-lint (>= 1.0.0)
  puppet-strings (>= 2.2)
  puppetlabs_spec_helper (>= 1.0.0)
  rspec-puppet
  rubocop

BUNDLED WITH
   1.17.3
